GEM
  remote: http://rubygems.org/
  specs:
    childprocess (3.0.0)
    debase (0.2.4.1)
      debase-ruby_core_source (>= 0.10.2)
    debase-ruby_core_source (0.10.12)
    hashie (4.1.0)
    holiday_jp (0.8.0)
    json (2.5.1)
    line_notify (1.0.1)
    rake (13.0.6)
    ruby-debug-ide (0.7.2)
      rake (>= 0.8.1)
    rubyzip (2.3.2)
    selenium-webdriver (3.142.7)
      childprocess (>= 0.5, < 4.0)
      rubyzip (>= 1.2.2)

PLATFORMS
  ruby
  x86_64-darwin-19

DEPENDENCIES
  debase (~> 0.2.4.1)
  hashie (~> 4.1.0)
  holiday_jp
  json (~> 2.5.1)
  line_notify (~> 1.0.1)
  ruby-debug-ide (~> 0.7.2)
  selenium-webdriver (~> 3.142.7)

BUNDLED WITH
   2.1.4
